GEM
  remote: https://rubygems.org/
  specs:
    addressable (2.4.0)
    builder (3.2.2)
    descendants_tracker (0.0.4)
      thread_safe (~> 0.3, >= 0.3.1)
    docile (1.1.5)
    docker-api (1.31.0)
      excon (>= 0.38.0)
      json
    excon (0.52.0)
    faraday (0.9.2)
      multipart-post (>= 1.2, < 3)
    git (1.3.0)
    github_api (0.14.5)
      addressable (~> 2.4.0)
      descendants_tracker (~> 0.0.4)
      faraday (~> 0.8, < 0.10)
      hashie (>= 3.4)
      oauth2 (~> 1.0)
    hashie (3.4.4)
    highline (1.7.8)
    jeweler (2.1.1)
      builder
      bundler (>= 1.0)
      git (>= 1.2.5)
      github_api
      highline (>= 1.6.15)
      nokogiri (>= 1.5.10)
      rake
      rdoc
      semver
    json (1.8.3)
    jwt (1.5.4)
    metaclass (0.0.4)
    mini_portile2 (2.1.0)
    minitest (5.9.0)
    mocha (1.1.0)
      metaclass (~> 0.0.1)
    multi_json (1.12.1)
    multi_xml (0.5.5)
    multipart-post (2.0.0)
    nokogiri (1.6.8)
      mini_portile2 (~> 2.1.0)
      pkg-config (~> 1.1.7)
    oauth2 (1.2.0)
      faraday (>= 0.8, < 0.10)
      jwt (~> 1.0)
      multi_json (~> 1.3)
      multi_xml (~> 0.5)
      rack (>= 1.2, < 3)
    pkg-config (1.1.7)
    rack (2.0.1)
    rake (11.2.2)
    rdoc (4.2.2)
      json (~> 1.4)
    rubyzip (1.2.0)
    semver (1.0.1)
    simplecov (0.12.0)
      docile (~> 1.1.0)
      json (>= 1.8, < 3)
      simplecov-html (~> 0.10.0)
    simplecov-html (0.10.0)
    thread_safe (0.3.5)
    yard (0.9.5)

PLATFORMS
  ruby

DEPENDENCIES
  bundler (>= 1.6.1)
  docker-api (>= 1.31.0)
  jeweler (>= 2.1.1)
  minitest (>= 5.9.0)
  mocha (>= 1.1.0)
  rake (>= 11.2.2)
  rdoc (>= 4.2.0)
  rubyzip (>= 1.2.0)
  simplecov (>= 0.12.0)
  yard (>= 0.9.5)

BUNDLED WITH
   1.11.2
