GEM
  remote: https://rubygems.org/
  specs:
    addressable (2.5.0)
      public_suffix (~> 2.0, >= 2.0.2)
    builder (3.2.3)
    descendants_tracker (0.0.4)
      thread_safe (~> 0.3, >= 0.3.1)
    docile (1.1.5)
    docker-api (1.33.2)
      excon (>= 0.38.0)
      json
    excon (0.55.0)
    faraday (0.9.2)
      multipart-post (>= 1.2, < 3)
    git (1.3.0)
    github_api (0.11.3)
      addressable (~> 2.3)
      descendants_tracker (~> 0.0.1)
      faraday (~> 0.8, < 0.10)
      hashie (>= 1.2)
      multi_json (>= 1.7.5, < 2.0)
      nokogiri (~> 1.6.0)
      oauth2
    hashie (3.5.3)
    highline (1.7.8)
    jeweler (2.3.3)
      builder
      bundler (>= 1.0)
      git (>= 1.2.5)
      github_api (~> 0.11.0)
      highline (>= 1.6.15)
      nokogiri (>= 1.5.10)
      psych (~> 2.2)
      rake
      rdoc
      semver2
    json (2.0.3)
    jwt (1.5.6)
    metaclass (0.0.4)
    mini_portile2 (2.1.0)
    minitest (5.10.1)
    mocha (1.2.1)
      metaclass (~> 0.0.1)
    multi_json (1.12.1)
    multi_xml (0.6.0)
    multipart-post (2.0.0)
    nokogiri (1.6.8.1)
      mini_portile2 (~> 2.1.0)
    oauth2 (1.3.0)
      faraday (>= 0.8, < 0.11)
      jwt (~> 1.0)
      multi_json (~> 1.3)
      multi_xml (~> 0.5)
      rack (>= 1.2, < 3)
    psych (2.2.2)
    public_suffix (2.0.5)
    rack (2.0.1)
    rake (12.0.0)
    rdoc (5.0.0)
    rubyzip (1.2.1)
    semver2 (3.4.2)
    simplecov (0.13.0)
      docile (~> 1.1.0)
      json (>= 1.8, < 3)
      simplecov-html (~> 0.10.0)
    simplecov-html (0.10.0)
    thread_safe (0.3.5)
    yard (0.9.8)

PLATFORMS
  ruby

DEPENDENCIES
  bundler (>= 1.6.1)
  docker-api (>= 1.33.2)
  jeweler (>= 2.3.3)
  minitest (>= 5.10.1)
  mocha (>= 1.2.1)
  rake (>= 12.0.0)
  rdoc (>= 4.2.0)
  rubyzip (>= 1.2.1)
  simplecov (>= 0.13.0)
  yard (>= 0.9.8)

BUNDLED WITH
   1.14.4
